GEM
  remote: http://rubygems.org/
  specs:
    backports (3.6.8)
    bcrypt (3.1.11)
    builder (3.2.2)
    daemons (1.2.3)
    dalli (2.7.6)
    domain_name (0.5.20160310)
      unf (>= 0.0.5, < 1.0.0)
    dotenv (2.1.0)
    eventmachine (1.2.0.1)
    faraday (0.9.2)
      multipart-post (>= 1.2, < 3)
    haml (4.0.7)
      tilt
    http-cookie (1.0.2)
      domain_name (~> 0.5)
    json (1.8.3)
    jwt (1.5.3)
    logger (1.2.8)
    memcachier (0.0.2)
    mime-types (2.99.1)
    mimemagic (0.3.1)
    multi_json (1.11.2)
    multipart-post (2.0.0)
    netrc (0.11.0)
    newrelic_rpm (3.15.0.314)
    pg (0.18.4)
    puma (3.2.0)
    rack (1.6.4)
    rack-protection (1.5.3)
      rack
    rack-test (0.6.3)
      rack (>= 1.0)
    rest-client (1.8.0)
      http-cookie (>= 1.0.2, < 2.0)
      mime-types (>= 1.16, < 3.0)
      netrc (~> 0.7)
    sendgrid-ruby (1.1.6)
      faraday (~> 0.9)
      mimemagic
      smtpapi (~> 0.1)
    sequel (4.32.0)
    sequel_enum (0.0.1)
      sequel
    sinatra (1.4.7)
      rack (~> 1.5)
      rack-protection (~> 1.4)
      tilt (>= 1.3, < 3)
    sinatra-contrib (1.4.6)
      backports (>= 2.0)
      multi_json
      rack-protection
      rack-test
      sinatra (~> 1.4.0)
      tilt (>= 1.3, < 3)
    sinatra-flash (0.3.0)
      sinatra (>= 1.0.0)
    smtpapi (0.1.0)
    thin (1.6.4)
      daemons (~> 1.0, >= 1.0.9)
      eventmachine (~> 1.0, >= 1.0.4)
      rack (~> 1.0)
    tilt (2.0.2)
    twilio-ruby (4.11.1)
      builder (>= 2.1.2)
      jwt (~> 1.0)
      multi_json (>= 1.3.0)
    unf (0.1.4)
      unf_ext
    unf_ext (0.0.7.2)

PLATFORMS
  ruby

DEPENDENCIES
  bcrypt
  dalli
  dotenv
  haml
  json
  logger
  memcachier
  newrelic_rpm
  pg
  puma
  rest-client
  sendgrid-ruby
  sequel
  sequel_enum
  sinatra
  sinatra-contrib
  sinatra-flash
  thin
  twilio-ruby

BUNDLED WITH
   1.11.2
