GEM
  remote: http://rubygems.org/
  specs:
    backports (3.6.8)
    bcrypt (3.1.11)
    builder (3.2.2)
    coffee-script (2.4.1)
      coffee-script-source
      execjs
    coffee-script-source (1.10.0)
    commonjs (0.2.7)
    concurrent-ruby (1.0.2)
    daemons (1.2.4)
    dalli (2.7.6)
    domain_name (0.5.20160826)
      unf (>= 0.0.5, < 1.0.0)
    dotenv (2.1.1)
    eventmachine (1.2.0.1)
    execjs (2.7.0)
    haml (4.0.7)
      tilt
    http-cookie (1.0.3)
      domain_name (~> 0.5)
    json (2.0.2)
    jwt (1.5.6)
    less (2.6.0)
      commonjs (~> 0.2.7)
    libv8 (3.16.14.15)
    logger (1.2.8)
    memcachier (0.0.2)
    mime-types (3.1)
      mime-types-data (~> 3.2015)
    mime-types-data (3.2016.0521)
    multi_json (1.12.1)
    netrc (0.11.0)
    newrelic_rpm (3.16.3.323)
    pg (0.19.0)
    puma (3.6.0)
    rack (1.6.4)
    rack-protection (1.5.3)
      rack
    rack-test (0.6.3)
      rack (>= 1.0)
    rake (11.3.0)
    ref (2.0.0)
    rest-client (2.0.0)
      http-cookie (>= 1.0.2, < 2.0)
      mime-types (>= 1.16, < 4.0)
      netrc (~> 0.8)
    round_robin_tournament (0.0.1)
    rrschedule (0.3.4)
    ruby_http_client (3.0.0)
    sass (3.4.22)
    sendgrid-ruby (4.0.4)
      ruby_http_client (~> 3.0.0)
    sequel (4.38.0)
    sequel_enum (0.0.1)
      sequel
    sinatra (1.4.7)
      rack (~> 1.5)
      rack-protection (~> 1.4)
      tilt (>= 1.3, < 3)
    sinatra-asset-pipeline (1.0.1)
      coffee-script (~> 2.4)
      rake (~> 11.2)
      sass (~> 3.4)
      sinatra (~> 1.4)
      sprockets (~> 3.6)
      sprockets-helpers (~> 1.1)
    sinatra-contrib (1.4.7)
      backports (>= 2.0)
      multi_json
      rack-protection
      rack-test
      sinatra (~> 1.4.0)
      tilt (>= 1.3, < 3)
    sinatra-flash (0.3.0)
      sinatra (>= 1.0.0)
    sprockets (3.7.0)
      concurrent-ruby (~> 1.0)
      rack (> 1, < 3)
    sprockets-helpers (1.2.1)
      sprockets (>= 2.2)
    therubyracer (0.12.2)
      libv8 (~> 3.16.14.0)
      ref
    thin (1.7.0)
      daemons (~> 1.0, >= 1.0.9)
      eventmachine (~> 1.0, >= 1.0.4)
      rack (>= 1, < 3)
    tilt (2.0.5)
    twilio-ruby (4.13.0)
      builder (>= 2.1.2)
      jwt (~> 1.0)
      multi_json (>= 1.3.0)
    uglifier (3.0.2)
      execjs (>= 0.3.0, < 3)
    unf (0.1.4)
      unf_ext
    unf_ext (0.0.7.2)

PLATFORMS
  ruby

DEPENDENCIES
  bcrypt
  dalli
  dotenv
  haml
  json
  less
  logger
  memcachier
  newrelic_rpm
  pg
  puma
  rest-client
  round_robin_tournament
  rrschedule
  sass
  sendgrid-ruby
  sequel
  sequel_enum
  sinatra
  sinatra-asset-pipeline
  sinatra-contrib
  sinatra-flash
  therubyracer
  thin
  tilt
  twilio-ruby
  uglifier

RUBY VERSION
   ruby 2.3.1p112

BUNDLED WITH
   1.12.5
