GEM
  remote: http://rubygems.org/
  specs:
    backports (3.6.8)
    bcrypt (3.1.11)
    coffee-script (2.4.1)
      coffee-script-source
      execjs
    coffee-script-source (1.11.1)
    concurrent-ruby (1.0.2)
    dotenv (2.1.1)
    execjs (2.7.0)
    haml (4.0.7)
      tilt
    json (2.0.2)
    logger (1.2.8)
    multi_json (1.12.1)
    pg (0.19.0)
    puma (3.6.2)
    rack (1.6.5)
    rack-protection (1.5.3)
      rack
    rack-test (0.6.3)
      rack (>= 1.0)
    rake (11.3.0)
    rake-progressbar (0.0.5)
    round_robin_tournament (0.0.1)
    rrschedule (0.3.4)
    sass (3.4.22)
    sequel (4.41.0)
    sequel_enum (0.0.1)
      sequel
    sinatra (1.4.7)
      rack (~> 1.5)
      rack-protection (~> 1.4)
      tilt (>= 1.3, < 3)
    sinatra-asset-pipeline (1.0.2)
      coffee-script (~> 2.4)
      rake (~> 11.2)
      sass (~> 3.4)
      sinatra (~> 1.4)
      sprockets (~> 3.6)
      sprockets-helpers (~> 1.1)
    sinatra-contrib (1.4.7)
      backports (>= 2.0)
      multi_json
      rack-protection
      rack-test
      sinatra (~> 1.4.0)
      tilt (>= 1.3, < 3)
    sinatra-flash (0.3.0)
      sinatra (>= 1.0.0)
    sprockets (3.7.0)
      concurrent-ruby (~> 1.0)
      rack (> 1, < 3)
    sprockets-helpers (1.2.1)
      sprockets (>= 2.2)
    tilt (2.0.5)

PLATFORMS
  ruby

DEPENDENCIES
  bcrypt
  dotenv
  haml
  json
  logger
  pg
  puma
  rake-progressbar
  round_robin_tournament
  rrschedule
  sequel
  sequel_enum
  sinatra
  sinatra-asset-pipeline (~> 1.0)
  sinatra-contrib
  sinatra-flash

RUBY VERSION
   ruby 2.3.1p112

BUNDLED WITH
   1.12.5
